GEM
  remote: http://rubygems.org/
  specs:
    awesome_print (1.1.0)
    diff-lcs (1.1.3)
    grit (2.5.0)
      diff-lcs (~> 1.1)
      mime-types (~> 1.15)
      posix-spawn (~> 0.3.6)
    mime-types (1.19)
    open4 (1.3.0)
    posix-spawn (0.3.6)

PLATFORMS
  ruby

DEPENDENCIES
  awesome_print
  grit
  open4
